GEM
  remote: https://rubygems.org/
  specs:
    geokit (1.10.0)
    google_maps_service (0.4.1)
      hurley (~> 0.1)
      multi_json (~> 1.11)
      retriable (~> 2.0)
    haversine (0.3.0)
    hurley (0.2)
    multi_json (1.11.2)
    retriable (2.1.0)
    ruby-ole (1.2.12)
    spreadsheet (1.1.2)
      ruby-ole (>= 1.0)
    turkish_support (1.0.2)

PLATFORMS
  ruby

DEPENDENCIES
  geokit (~> 1.10)
  google_maps_service (~> 0.4.1)
  haversine
  spreadsheet (~> 1.1, >= 1.1.2)
  turkish_support

BUNDLED WITH
   1.11.2
