GEM
  remote: https://rubygems.org/
  specs:
    geokit (1.10.0)

PLATFORMS
  ruby

DEPENDENCIES
  geokit (~> 1.10)

BUNDLED WITH
   1.11.2
